GEM
  remote: https://rubygems.org/
  specs:
    coderay (1.1.2)
    method_source (0.8.2)
    minitest (5.11.3)
    pry (0.10.4)
      coderay (~> 1.1.0)
      method_source (~> 0.8.1)
      slop (~> 3.4)
    slop (3.6.0)
    terminal-table (1.8.0)
      unicode-display_width (~> 1.1, >= 1.1.1)
    unicode-display_width (1.4.0)

PLATFORMS
  ruby

DEPENDENCIES
  minitest
  pry (~> 0.10.3)
  terminal-table

BUNDLED WITH
   1.17.1
